GEM
  remote: http://rubygems.org/
  specs:
    gemcutter (0.6.1)
    git (1.2.5)
    jeweler (1.4.0)
      gemcutter (>= 0.1.0)
      git (>= 1.2.5)
      rubyforge (>= 2.0.0)
    json_pure (1.4.6)
    mhennemeyer-matchy (0.3.3)
    mocha (0.9.10)
      rake
    oauth (0.4.3)
    rake (0.8.7)
    rubyforge (2.0.4)
      json_pure (>= 1.1.7)
    shoulda (2.11.3)
    throat-punch (0.2.3)
      mhennemeyer-matchy
      mocha
      shoulda

PLATFORMS
  ruby

DEPENDENCIES
  jeweler
  oauth (~> 0.4.0)
  rake
  throat-punch
